GEM
  remote: https://rubygems.org/
  specs:
    RedCloth (4.2.9)
    cssmin (1.0.3)
    ffi (1.9.10)
    jammit (0.7.0)
      cssmin (~> 1.0)
      jsmin (~> 1.0)
    jekyll-localization (0.1.7)
      jekyll-rendering
    jekyll-paginate (1.1.0)
    jekyll-pagination (0.0.4)
    jekyll-rendering (0.0.9)
    jekyll-watch (1.3.1)
      listen (~> 3.0)
    jsmin (1.0.1)
    kramdown (1.9.0)
    listen (3.0.5)
      rb-fsevent (>= 0.9.3)
      rb-inotify (>= 0.9)
    rb-fsevent (0.9.7)
    rb-inotify (0.9.5)
      ffi (>= 0.5.0)
    sass (3.4.21)

PLATFORMS
  ruby

DEPENDENCIES
  RedCloth
  jammit
  jekyll-localization
  jekyll-paginate
  jekyll-pagination
  jekyll-watch
  kramdown
  sass

BUNDLED WITH
   1.11.2
