GEM
  remote: https://rubygems.org/
  specs:
    RedCloth (4.2.9)
    classifier (1.3.4)
      fast-stemmer (>= 1.0.0)
    cssmin (1.0.3)
    directory_watcher (1.5.1)
    fast-stemmer (1.0.2)
    ffi (1.9.10)
    jammit (0.7.0)
      cssmin (~> 1.0)
      jsmin (~> 1.0)
    jekyll (0.12.0)
      classifier (~> 1.3)
      directory_watcher (~> 1.1)
      kramdown (~> 0.13.4)
      liquid (~> 2.3)
      maruku (~> 0.5)
      pygments.rb (~> 0.3.2)
    jekyll-localization (0.1.7)
      jekyll-rendering
    jekyll-paginate (1.1.0)
    jekyll-pagination (0.0.4)
    jekyll-rendering (0.0.9)
    jekyll-watch (1.3.1)
      listen (~> 3.0)
    jsmin (1.0.1)
    kramdown (0.13.8)
    liquid (2.6.3)
    listen (3.0.6)
      rb-fsevent (>= 0.9.3)
      rb-inotify (>= 0.9.7)
    maruku (0.7.2)
    posix-spawn (0.3.11)
    pygments.rb (0.3.7)
      posix-spawn (~> 0.3.6)
      yajl-ruby (~> 1.1.0)
    rb-fsevent (0.9.7)
    rb-inotify (0.9.7)
      ffi (>= 0.5.0)
    sass (3.4.21)
    yajl-ruby (1.1.0)

PLATFORMS
  ruby

DEPENDENCIES
  RedCloth
  jammit
  jekyll (= 0.12.0)
  jekyll-localization
  jekyll-paginate
  jekyll-pagination
  jekyll-watch
  kramdown
  sass

BUNDLED WITH
   1.11.2
