GEM
  remote: https://rubygems.org/
  specs:
    classifier (1.3.4)
      fast-stemmer (>= 1.0.0)
    cssmin (1.0.3)
    directory_watcher (1.5.1)
    fast-stemmer (1.0.2)
    jammit (0.6.6)
      cssmin (>= 1.0.3)
      jsmin (>= 1.0.1)
    jekyll (0.12.0)
      classifier (~> 1.3)
      directory_watcher (~> 1.1)
      kramdown (~> 0.13.4)
      liquid (~> 2.3)
      maruku (~> 0.5)
      pygments.rb (~> 0.3.2)
    jekyll-localization (0.1.7)
      jekyll-rendering
    jekyll-pagination (0.0.4)
    jekyll-rendering (0.0.9)
    jsmin (1.0.1)
    kramdown (0.13.8)
    liquid (2.6.1)
    maruku (0.7.2)
    posix-spawn (0.3.9)
    pygments.rb (0.3.7)
      posix-spawn (~> 0.3.6)
      yajl-ruby (~> 1.1.0)
    sass (3.4.1)
    yajl-ruby (1.1.0)

PLATFORMS
  ruby

DEPENDENCIES
  jammit
  jekyll (= 0.12.0)
  jekyll-localization
  jekyll-pagination
  sass
